GIT
  remote: git://github.com/PatrickTulskie/lita-thats_what_she_said.git
  revision: 8ed696a33a9e193f65aca09e85572219b01296c8
  specs:
    lita-thats_what_she_said (1.0.0)
      lita (>= 2.0)
      twss

GIT
  remote: git://github.com/martytrzpit/lita-pivotal-tracker.git
  revision: 9d1fbc3d65f956658ab0d79d5509209d4329c7f6
  specs:
    lita-pivotal-tracker (0.0.1)
      lita (>= 3.2)
      lita-keyword-arguments

GEM
  remote: https://rubygems.org/
  specs:
    artii (2.0.4)
    classifier (1.3.1)
      stemmer (>= 1.0.0)
    faraday (0.9.0)
      multipart-post (>= 1.2, < 3)
    http_router (0.11.1)
      rack (>= 1.0.0)
      url_mount (~> 0.2.1)
    i18n (0.6.9)
    ice_nine (0.11.0)
    lita (3.2.0)
      bundler (>= 1.3)
      faraday (>= 0.8.7)
      http_router (>= 0.11.1)
      i18n (>= 0.6.9)
      ice_nine (>= 0.11.0)
      multi_json (>= 1.7.7)
      puma (>= 2.7.1)
      rack (>= 1.5.2)
      redis-namespace (>= 1.3.0)
      thor (>= 0.18.1)
    lita-ascii-art (0.0.2)
      artii (>= 2.0.4)
      lita (>= 3.0.0)
    lita-coin (0.0.3)
      lita (>= 2.3)
    lita-down-for-everyone (0.0.3)
      lita
    lita-google-images (1.0.5)
      lita (>= 2.0)
    lita-high-five (0.0.1)
      lita (>= 3.0)
    lita-hipchat (1.5.0)
      lita (>= 2.5)
      xmpp4r (>= 0.5.6)
    lita-keyword-arguments (0.0.1)
      lita (>= 3.2)
      slop (>= 3.5)
    lita-pugbomb (1.0.1)
      lita (>= 2.0)
    lita-quote (0.0.2)
      lita (>= 3.0)
    lita-urban-dictionary (0.1.0)
      lita (>= 2.1)
    multi_json (1.10.0)
    multipart-post (2.0.0)
    puma (2.8.2)
      rack (>= 1.1, < 2.0)
    rack (1.5.2)
    redis (3.0.7)
    redis-namespace (1.4.1)
      redis (~> 3.0.4)
    slop (3.5.0)
    stemmer (1.0.1)
    thor (0.19.1)
    twss (0.0.5)
      classifier (= 1.3.1)
    url_mount (0.2.1)
      rack
    xmpp4r (0.5.6)

PLATFORMS
  ruby

DEPENDENCIES
  lita
  lita-ascii-art
  lita-coin
  lita-down-for-everyone
  lita-google-images
  lita-high-five
  lita-hipchat
  lita-pivotal-tracker!
  lita-pugbomb
  lita-quote
  lita-thats_what_she_said!
  lita-urban-dictionary
